PATH
  remote: .
  specs:
    subfinder (0.0.1)
      colorize (~> 0.8)
      rubyzip (~> 1.2.2)

GEM
  remote: https://rubygems.org/
  specs:
    colorize (0.8.1)
    minitest (5.11.3)
    rake (10.5.0)
    rubyzip (1.2.2)

PLATFORMS
  ruby

DEPENDENCIES
  bundler (~> 1.16)
  minitest (~> 5.0)
  rake (~> 10.0)
  subfinder!

BUNDLED WITH
   1.17.3
